PATH
  remote: .
  specs:
    temporal_object (0.0.1.alpha02)
      time_span

GEM
  remote: http://rubygems.org/
  specs:
    diff-lcs (1.1.3)
    rspec (2.8.0)
      rspec-core (~> 2.8.0)
      rspec-expectations (~> 2.8.0)
      rspec-mocks (~> 2.8.0)
    rspec-core (2.8.0)
    rspec-expectations (2.8.0)
      diff-lcs (~> 1.1.2)
    rspec-mocks (2.8.0)
    time_span (0.0.2)

PLATFORMS
  ruby

DEPENDENCIES
  rspec
  temporal_object!
