PATH
  remote: .
  specs:
    temporal_object (0.1.3)
      time_span

GEM
  remote: http://rubygems.org/
  specs:
    diff-lcs (1.1.3)
    rspec (2.9.0)
      rspec-core (~> 2.9.0)
      rspec-expectations (~> 2.9.0)
      rspec-mocks (~> 2.9.0)
    rspec-core (2.9.0)
    rspec-expectations (2.9.0)
      diff-lcs (~> 1.1.3)
    rspec-mocks (2.9.0)
    time_span (0.0.3)

PLATFORMS
  ruby

DEPENDENCIES
  rspec (>= 2.9.0)
  temporal_object!
